PATH
  remote: ./simplecov
  specs:
    simplecov (0.8.0)
      docile (~> 1.1.0)
      lockfile (>= 2.1.0)
      multi_json
      simplecov-html (~> 0.8.0)

GEM
  remote: http://rubygems.org/
  specs:
    addressable (2.3.6)
    ast (2.0.0)
    bacon (1.2.0)
    crack (0.4.2)
      safe_yaml (~> 1.0.0)
    docile (1.1.3)
    json (1.8.1)
    lockfile (2.1.3)
    metaclass (0.0.4)
    mocha (0.11.4)
      metaclass (~> 0.0.1)
    mocha-on-bacon (0.2.1)
      mocha (>= 0.9.8)
    multi_json (1.10.1)
    parser (2.1.9)
      ast (>= 1.1, < 3.0)
      slop (~> 3.4, >= 3.4.5)
    powerpack (0.0.9)
    prettybacon (0.0.2)
      bacon (~> 1.2)
    rainbow (2.0.0)
    rake (10.3.2)
    rubocop (0.22.0)
      json (>= 1.7.7, < 2)
      parser (~> 2.1.9)
      powerpack (~> 0.0.6)
      rainbow (>= 1.99.1, < 3.0)
      ruby-progressbar (~> 1.4)
    ruby-progressbar (1.5.1)
    safe_yaml (1.0.3)
    simplecov-html (0.8.0)
    slop (3.5.0)
    vcr (2.9.0)
    webmock (1.15.2)
      addressable (>= 2.2.7)
      crack (>= 0.3.2)

PLATFORMS
  ruby

DEPENDENCIES
  bacon
  mocha (~> 0.11.4)
  mocha-on-bacon
  prettybacon
  rake
  rubocop
  simplecov!
  vcr
  webmock (< 1.16)
